PATH
  remote: .
  specs:
    vvtool (0.1.0)
      listen (~> 3.0)
      thor (~> 0.20)

GEM
  remote: https://rubygems.org/
  specs:
    ffi (1.9.25)
    listen (3.1.5)
      rb-fsevent (~> 0.9, >= 0.9.4)
      rb-inotify (~> 0.9, >= 0.9.7)
      ruby_dep (~> 1.2)
    rake (10.4.2)
    rb-fsevent (0.10.3)
    rb-inotify (0.9.10)
      ffi (>= 0.5.0, < 2)
    ruby_dep (1.5.0)
    thor (0.20.0)

PLATFORMS
  ruby

DEPENDENCIES
  bundler (~> 1.16)
  rake (~> 10.0)
  vvtool!

BUNDLED WITH
   1.16.3
