PATH
  remote: .
  specs:
    vvtool (0.1.5)
      listen (~> 3.0)
      rainbow (~> 3.0.0)
      rqrcode (~> 0.10.0)
      thor (~> 0.20)

GEM
  remote: https://rubygems.org/
  specs:
    chunky_png (1.3.11)
    ffi (1.9.25)
    listen (3.1.5)
      rb-fsevent (~> 0.9, >= 0.9.4)
      rb-inotify (~> 0.9, >= 0.9.7)
      ruby_dep (~> 1.2)
    rainbow (3.0.0)
    rake (10.5.0)
    rb-fsevent (0.10.3)
    rb-inotify (0.10.0)
      ffi (~> 1.0)
    rqrcode (0.10.1)
      chunky_png (~> 1.0)
    ruby_dep (1.5.0)
    thor (0.20.3)

PLATFORMS
  ruby

DEPENDENCIES
  bundler (~> 1.16)
  rake (~> 10.0)
  vvtool!

BUNDLED WITH
   1.17.1
